GEM
  remote: https://rubygems.org/
  specs:
    base64 (0.3.0)
    bigdecimal (3.2.2)
    faraday (2.13.2)
      faraday-net_http (>= 2.0, < 3.5)
      json
      logger
    faraday-net_http (3.4.1)
      net-http (>= 0.5.0)
    json (2.13.0)
    logger (1.7.0)
    mini_portile2 (2.8.9)
    mustermann (3.0.3)
      ruby2_keywords (~> 0.0.1)
    net-http (0.6.0)
      uri
    nio4r (2.7.4)
    nokogiri (1.18.8)
      mini_portile2 (~> 2.8.2)
      racc (~> 1.4)
    puma (6.6.0)
      nio4r (~> 2.0)
    racc (1.8.1)
    rack (3.1.16)
    rack-protection (4.1.1)
      base64 (>= 0.1.0)
      logger (>= 1.6.0)
      rack (>= 3.0.0, < 4)
    rack-session (2.1.1)
      base64 (>= 0.1.0)
      rack (>= 3.0.0)
    rackup (2.2.1)
      rack (>= 3)
    ruby2_keywords (0.0.5)
    sequel (5.94.0)
      bigdecimal
    sinatra (4.1.1)
      logger (>= 1.6.0)
      mustermann (~> 3.0)
      rack (>= 3.0.0, < 4)
      rack-protection (= 4.1.1)
      rack-session (>= 2.0.0, < 3)
      tilt (~> 2.0)
    sqlite3 (2.7.3)
      mini_portile2 (~> 2.8.0)
    tilt (2.6.1)
    uri (1.0.3)

PLATFORMS
  ruby

DEPENDENCIES
  faraday
  json
  nokogiri
  puma
  rackup (~> 2.2)
  sequel
  sinatra
  sqlite3

BUNDLED WITH
   2.1.4
